PATH
  remote: .
  specs:
    heap-profiler (0.1.0)
      fast_jsonparser (~> 0.4)

GEM
  remote: https://rubygems.org/
  specs:
    ast (2.4.1)
    benchmark-ips (2.8.2)
    byebug (11.1.3)
    fast_jsonparser (0.4.0)
    minitest (5.14.1)
    parallel (1.19.2)
    parser (2.7.1.4)
      ast (~> 2.4.1)
    rainbow (3.0.0)
    rake (13.0.1)
    rake-compiler (1.1.1)
      rake
    regexp_parser (1.7.1)
    rexml (3.2.4)
    rubocop (0.86.0)
      parallel (~> 1.10)
      parser (>= 2.7.0.1)
      rainbow (>= 2.2.2, < 4.0)
      regexp_parser (>= 1.7)
      rexml
      rubocop-ast (>= 0.0.3, < 1.0)
      ruby-progressbar (~> 1.7)
      unicode-display_width (>= 1.4.0, < 2.0)
    rubocop-ast (0.2.0)
      parser (>= 2.7.0.1)
    rubocop-shopify (1.0.4)
      rubocop (>= 0.85, < 0.87)
    ruby-progressbar (1.10.1)
    unicode-display_width (1.7.0)

PLATFORMS
  ruby

DEPENDENCIES
  benchmark-ips
  byebug
  heap-profiler!
  minitest (~> 5.0)
  rake
  rake-compiler
  rubocop-shopify

BUNDLED WITH
   2.1.4
